GEM
  remote: https://rubygems.org/
  specs:
    base64 (0.3.0)
    bigdecimal (3.2.2)
    dotenv (3.1.8)
    event_stream_parser (1.0.0)
    faraday (2.13.4)
      faraday-net_http (>= 2.0, < 3.5)
      json
      logger
    faraday-multipart (1.1.1)
      multipart-post (~> 2.0)
    faraday-net_http (3.4.1)
      net-http (>= 0.5.0)
    faraday-retry (2.3.2)
      faraday (~> 2.0)
    httparty (0.21.0)
      mini_mime (>= 1.0.0)
      multi_xml (>= 0.5.2)
    json (2.13.2)
    logger (1.7.0)
    marcel (1.0.4)
    mini_mime (1.1.5)
    multi_xml (0.7.2)
      bigdecimal (~> 3.1)
    multipart-post (2.4.1)
    net-http (0.6.0)
      uri
    ruby_llm (1.6.2)
      base64
      event_stream_parser (~> 1)
      faraday (>= 1.10.0)
      faraday-multipart (>= 1)
      faraday-net_http (>= 1)
      faraday-retry (>= 1)
      marcel (~> 1.0)
      zeitwerk (~> 2)
    uri (1.0.3)
    zeitwerk (2.7.3)

PLATFORMS
  x86-mingw32

DEPENDENCIES
  dotenv (~> 3.1)
  httparty (~> 0.21.0)
  json (~> 2.6)
  ruby_llm (~> 1.6)

RUBY VERSION
   ruby 3.3.9p170

BUNDLED WITH
   2.5.22
